{
	"Modality": "MR",
	"MagneticFieldStrength": 3,
	"ImagingFrequency": 123.22,
	"Manufacturer": "Siemens",
	"ManufacturersModelName": "TrioTim",
	"InstitutionName": "Queens_University",
	"InstitutionalDepartmentName": "Department",
	"InstitutionAddress": "Botterall_Hall_234_Kingston_Ontario_CA_K7L3N6",
	"DeviceSerialNumber": "35109",
	"StationName": "MRC35109",
	"PatientPosition": "HFS",
	"ProcedureStepDescription": "Dr_Flanagan_fMRI",
	"SoftwareVersions": "syngo_MR_B19",
	"MRAcquisitionType": "2D",
	"SeriesDescription": "MoCoSeries",
	"ProtocolName": "RESTING_ep2d_moco_35_TR2000_MoCo",
	"ScanningSequence": "EP",
	"SequenceVariant": "SK",
	"ScanOptions": "FS",
	"SequenceName": "_epfid2d1_80",
	"ImageType": ["ORIGINAL", "PRIMARY", "M", "ND", "MOCO", "MOSAIC"],
	"SeriesNumber": 22,
	"AcquisitionTime": "10:20:15.932500",
	"AcquisitionNumber": 1,
	"ImageComments": "Reference_volume_for_motion_correction.",
	"SliceThickness": 4,
	"SpacingBetweenSlices": 4,
	"SAR": 0.179995,
	"EchoTime": 0.03,
	"RepetitionTime": 2,
	"FlipAngle": 90,
	"PartialFourier": 1,
	"BaseResolution": 80,
	"ShimSetting": [
		5450,
		9990,
		-345,
		1136,
		48,
		246,
		408,
		99	],
	"TxRefAmp": 312.646,
	"PhaseResolution": 1,
	"ReceiveCoilName": "32Ch_Head",
	"CoilString": "C:HEA;HEP",
	"PulseSequenceDetails": "%SiemensSeq%_ep2d_bold",
	"PercentPhaseFOV": 100,
	"PhaseEncodingSteps": 79,
	"AcquisitionMatrixPE": 80,
	"ReconMatrixPE": 80,
	"BandwidthPerPixelPhaseEncode": 43.103,
	"ParallelReductionFactorInPlane": 2,
	"EffectiveEchoSpacing": 0.000290003,
	"DerivedVendorReportedEchoSpacing": 0.000580006,
	"TotalReadoutTime": 0.0229102,
	"PixelBandwidth": 2016,
	"DwellTime": 3.1e-06,
	"PhaseEncodingDirection": "j-",
	"SliceTiming": [
		0,
		1.0325,
		0.0575,
		1.09,
		0.115,
		1.1475,
		0.1725,
		1.205,
		0.23,
		1.2625,
		0.285,
		1.3175,
		0.3425,
		1.375,
		0.4,
		1.4325,
		0.4575,
		1.49,
		0.515,
		1.5475,
		0.5725,
		1.605,
		0.63,
		1.6625,
		0.6875,
		1.72,
		0.745,
		1.7775,
		0.8025,
		1.835,
		0.86,
		1.8925,
		0.9175,
		1.95,
		0.975	],
	"ImageOrientationPatientDICOM": [
		1,
		0,
		0,
		0,
		0.958323,
		-0.285688	],
	"InPlanePhaseEncodingDirectionDICOM": "COL",
	"ConversionSoftware": "dcm2niix",
	"ConversionSoftwareVersion": "v1.0.20181125  GCC4.8.2"
}
