{
	"Modality": "MR",
	"MagneticFieldStrength": 3,
	"ImagingFrequency": 123.22,
	"Manufacturer": "Siemens",
	"ManufacturersModelName": "TrioTim",
	"InstitutionName": "Queens_University",
	"InstitutionAddress": "Botterall_Hall_234_Kingston_Ontario_CA_K7L3N6",
	"DeviceSerialNumber": "35109",
	"StationName": "MRC35109",
	"PatientPosition": "HFS",
	"ProcedureStepDescription": "Dr_Flanagan_fMRI",
	"SoftwareVersions": "syngo_MR_B19",
	"MRAcquisitionType": "3D",
	"SeriesDescription": "CNS_SAG_MPRAGE_ISO",
	"ProtocolName": "CNS_SAG_MPRAGE_ISO",
	"ScanningSequence": "GR_IR",
	"SequenceVariant": "SP_MP",
	"ScanOptions": "IR",
	"SequenceName": "_tfl3d1_ns",
	"ImageType": ["ORIGINAL", "PRIMARY", "M", "ND", "NORM"],
	"SeriesNumber": 2,
	"AcquisitionTime": "12:50:22.522500",
	"AcquisitionNumber": 1,
	"SliceThickness": 1,
	"SAR": 0.102777,
	"EchoTime": 0.0022,
	"RepetitionTime": 1.76,
	"InversionTime": 0.9,
	"FlipAngle": 9,
	"PartialFourier": 1,
	"BaseResolution": 256,
	"ShimSetting": [
		5452,
		10110,
		-788,
		321,
		25,
		-8,
		-9,
		30	],
	"TxRefAmp": 295.403,
	"PhaseResolution": 1,
	"ReceiveCoilName": "32Ch_Head",
	"PulseSequenceDetails": "%SiemensSeq%_tfl",
	"PercentPhaseFOV": 100,
	"PhaseEncodingSteps": 256,
	"AcquisitionMatrixPE": 256,
	"ReconMatrixPE": 256,
	"PixelBandwidth": 199,
	"ImageOrientationPatientDICOM": [
		0,
		1,
		0,
		0,
		0,
		-1	],
	"InPlanePhaseEncodingDirectionDICOM": "ROW",
	"ConversionSoftware": "dcm2niix",
	"ConversionSoftwareVersion": "v1.0.20181125  GCC4.8.2"
}
