{
	"Modality": "MR",
	"MagneticFieldStrength": 3,
	"ImagingFrequency": 123.22,
	"Manufacturer": "Siemens",
	"ManufacturersModelName": "TrioTim",
	"InstitutionName": "Queens_University",
	"InstitutionalDepartmentName": "Department",
	"InstitutionAddress": "Botterall_Hall_234_Kingston_Ontario_CA_K7L3N6",
	"DeviceSerialNumber": "35109",
	"StationName": "MRC35109",
	"PatientPosition": "HFS",
	"ProcedureStepDescription": "Dr_Flanagan_fMRI",
	"SoftwareVersions": "syngo_MR_B19",
	"MRAcquisitionType": "2D",
	"SeriesDescription": "MoCoSeries",
	"ProtocolName": "ROTATION_ep2d_moco_35_TR2000_MoCo",
	"ScanningSequence": "EP",
	"SequenceVariant": "SK",
	"ScanOptions": "FS",
	"SequenceName": "_epfid2d1_80",
	"ImageType": ["ORIGINAL", "PRIMARY", "M", "ND", "MOCO", "MOSAIC"],
	"SeriesNumber": 20,
	"AcquisitionTime": "11:46:36.767500",
	"AcquisitionNumber": 1,
	"ImageComments": "Reference_volume_for_motion_correction.",
	"SliceThickness": 4,
	"SpacingBetweenSlices": 4,
	"SAR": 0.206905,
	"EchoTime": 0.03,
	"RepetitionTime": 2,
	"FlipAngle": 90,
	"PartialFourier": 1,
	"BaseResolution": 80,
	"ShimSetting": [
		5462,
		10024,
		-347,
		783,
		86,
		-59,
		329,
		60	],
	"TxRefAmp": 304.653,
	"PhaseResolution": 1,
	"ReceiveCoilName": "32Ch_Head",
	"CoilString": "C:HEA;HEP",
	"PulseSequenceDetails": "%SiemensSeq%_ep2d_bold",
	"PercentPhaseFOV": 100,
	"PhaseEncodingSteps": 79,
	"AcquisitionMatrixPE": 80,
	"ReconMatrixPE": 80,
	"BandwidthPerPixelPhaseEncode": 43.103,
	"ParallelReductionFactorInPlane": 2,
	"EffectiveEchoSpacing": 0.000290003,
	"DerivedVendorReportedEchoSpacing": 0.000580006,
	"TotalReadoutTime": 0.0229102,
	"PixelBandwidth": 2016,
	"DwellTime": 3.1e-06,
	"PhaseEncodingDirection": "j-",
	"SliceTiming": [
		0,
		1.0325,
		0.0575,
		1.09,
		0.115,
		1.1475,
		0.1725,
		1.205,
		0.23,
		1.2625,
		0.2875,
		1.32,
		0.345,
		1.3775,
		0.4025,
		1.435,
		0.46,
		1.4925,
		0.5175,
		1.55,
		0.575,
		1.6075,
		0.6325,
		1.665,
		0.69,
		1.7225,
		0.7475,
		1.78,
		0.805,
		1.8375,
		0.8625,
		1.895,
		0.92,
		1.9525,
		0.9775	],
	"ImageOrientationPatientDICOM": [
		1,
		-8.01461e-06,
		-2.60935e-05,
		-1.2347e-08,
		0.955792,
		-0.294044	],
	"InPlanePhaseEncodingDirectionDICOM": "COL",
	"ConversionSoftware": "dcm2niix",
	"ConversionSoftwareVersion": "v1.0.20181125  GCC4.8.2"
}
